Brain Vision Data Exchange Header File Version 1.0
; Data created by FieldTrip

[Common Infos]
DataFile=seizure1ds.eeg
MarkerFile=seizure1ds.vmrk
DataFormat=BINARY
DataOrientation=MULTIPLEXED
NumberOfChannels=154
SamplingInterval=3.906250e+03

[Binary Infos]
BinaryFormat=IEEE_FLOAT_32

[Channel Infos]
Ch1=B'1-B'2,,1
Ch2=B'2-B'3,,1
Ch3=B'3-B'4,,1
Ch4=B'4-B'5,,1
Ch5=B'5-B'6,,1
Ch6=B'6-B'7,,1
Ch7=B'7-B'8,,1
Ch8=B'8-B'9,,1
Ch9=B'9-B'10,,1
Ch10=B'10-B'11,,1
Ch11=B'11-B'12,,1
Ch12=B'12-B'13,,1
Ch13=C'1-C'2,,1
Ch14=C'2-C'3,,1
Ch15=C'3-C'4,,1
Ch16=C'4-C'5,,1
Ch17=C'5-C'6,,1
Ch18=C'6-C'7,,1
Ch19=C'7-C'8,,1
Ch20=C'8-C'9,,1
Ch21=C'9-C'10,,1
Ch22=C'10-C'11,,1
Ch23=C'11-C'12,,1
Ch24=C'12-C'13,,1
Ch25=C'13-C'14,,1
Ch26=C'14-C'15,,1
Ch27=H'6-H'7,,1
Ch28=H'10-H'11,,1
Ch29=H'11-H'12,,1
Ch30=H'12-H'13,,1
Ch31=GPH'1-GPH'2,,1
Ch32=GPH'2-GPH'3,,1
Ch33=GPH'3-GPH'4,,1
Ch34=GPH'4-GPH'5,,1
Ch35=GPH'5-GPH'6,,1
Ch36=GPH'6-GPH'7,,1
Ch37=GPH'7-GPH'8,,1
Ch38=GPH'8-GPH'9,,1
Ch39=GPH'9-GPH'10,,1
Ch40=GPH'10-GPH'11,,1
Ch41=GPH'11-GPH'12,,1
Ch42=GPH'12-GPH'13,,1
Ch43=OT'2-OT'3,,1
Ch44=OT'3-OT'4,,1
Ch45=OT'4-OT'5,,1
Ch46=OT'5-OT'6,,1
Ch47=OT'8-OT'9,,1
Ch48=OT'9-OT'10,,1
Ch49=OT'10-OT'11,,1
Ch50=OT'11-OT'12,,1
Ch51=OT'12-OT'13,,1
Ch52=GL'1-GL'2,,1
Ch53=GL'2-GL'3,,1
Ch54=GL'3-GL'4,,1
Ch55=GL'4-GL'5,,1
Ch56=GL'5-GL'6,,1
Ch57=GL'6-GL'7,,1
Ch58=GL'7-GL'8,,1
Ch59=GL'8-GL'9,,1
Ch60=GL'9-GL'10,,1
Ch61=GL'10-GL'11,,1
Ch62=GL'11-GL'12,,1
Ch63=GL'12-GL'13,,1
Ch64=GL'13-GL'14,,1
Ch65=CU'1-CU'2,,1
Ch66=CU'2-CU'3,,1
Ch67=CU'3-CU'4,,1
Ch68=CU'4-CU'5,,1
Ch69=CU'5-CU'6,,1
Ch70=CU'6-CU'7,,1
Ch71=CU'7-CU'8,,1
Ch72=CU'8-CU'9,,1
Ch73=CU'9-CU'10,,1
Ch74=CU'10-CU'11,,1
Ch75=CU'11-CU'12,,1
Ch76=CU'12-CU'13,,1
Ch77=FCA'1-FCA'2,,1
Ch78=FCA'2-FCA'3,,1
Ch79=FCA'3-FCA'4,,1
Ch80=FCA'4-FCA'5,,1
Ch81=FCA'5-FCA'6,,1
Ch82=FCA'9-FCA'10,,1
Ch83=FCA'10-FCA'11,,1
Ch84=FCA'11-FCA'12,,1
Ch85=FCA'12-FCA'13,,1
Ch86=FCA'13-FCA'14,,1
Ch87=FCA'14-FCA'15,,1
Ch88=FCA'15-FCA'16,,1
Ch89=FCA'16-FCA'17,,1
Ch90=LES'1-LES'2,,1
Ch91=LES'2-LES'3,,1
Ch92=LES'3-LES'4,,1
Ch93=LES'4-LES'5,,1
Ch94=LES'5-LES'6,,1
Ch95=LES'6-LES'7,,1
Ch96=LES'7-LES'8,,1
Ch97=LES'8-LES'9,,1
Ch98=LES'9-LES'10,,1
Ch99=LES'10-LES'11,,1
Ch100=LES'11-LES'12,,1
Ch101=LES'12-LES'13,,1
Ch102=LES'13-LES'14,,1
Ch103=LES'14-LES'15,,1
Ch104=GA'1-GA'2,,1
Ch105=GA'2-GA'3,,1
Ch106=GA'3-GA'4,,1
Ch107=GA'4-GA'5,,1
Ch108=GA'7-GA'8,,1
Ch109=GA'8-GA'9,,1
Ch110=GA'9-GA'10,,1
Ch111=GA'10-GA'11,,1
Ch112=GA'11-GA'12,,1
Ch113=GA'12-GA'13,,1
Ch114=PFG'1-PFG'2,,1
Ch115=PFG'2-PFG'3,,1
Ch116=PFG'3-PFG'4,,1
Ch117=PFG'4-PFG'5,,1
Ch118=PFG'5-PFG'6,,1
Ch119=PFG'6-PFG'7,,1
Ch120=PFG'7-PFG'8,,1
Ch121=PFG'8-PFG'9,,1
Ch122=PFG'9-PFG'10,,1
Ch123=PFG'10-PFG'11,,1
Ch124=PFG'11-PFG'12,,1
Ch125=PFG'12-PFG'13,,1
Ch126=PFG'13-PFG'14,,1
Ch127=PFG'14-PFG'15,,1
Ch128=GC'1-GC'2,,1
Ch129=GC'2-GC'3,,1
Ch130=GC'3-GC'4,,1
Ch131=GC'4-GC'5,,1
Ch132=GC'5-GC'6,,1
Ch133=GC'10-GC'11,,1
Ch134=GC'11-GC'12,,1
Ch135=GC'12-GC'13,,1
Ch136=GC'13-GC'14,,1
Ch137=CU1-CU2,,1
Ch138=CU2-CU3,,1
Ch139=CU5-CU6,,1
Ch140=CU6-CU7,,1
Ch141=CU7-CU8,,1
Ch142=CU8-CU9,,1
Ch143=CU9-CU10,,1
Ch144=CU10-CU11,,1
Ch145=CU11-CU12,,1
Ch146=OT1-OT2,,1
Ch147=OT2-OT3,,1
Ch148=OT3-OT4,,1
Ch149=OT6-OT7,,1
Ch150=OT7-OT8,,1
Ch151=OT8-OT9,,1
Ch152=OT9-OT10,,1
Ch153=OT10-OT11,,1
Ch154=OT11-OT12,,1
